GEM
  remote: https://rubygems.org/
  specs:
    byebug (11.1.3)
    connection_pool (2.4.1)
    mini_portile2 (2.8.5)
    pg (1.5.5)
    sqlite3 (1.7.2)
      mini_portile2 (~> 2.8.0)
    sqlite3 (1.7.2-x86_64-linux)

PLATFORMS
  ruby
  x86_64-linux

DEPENDENCIES
  byebug
  connection_pool
  pg
  sqlite3

BUNDLED WITH
   2.5.3
