GEM
  remote: https://rubygems.org/
  specs:
    byebug (11.1.3)
    connection_pool (2.4.1)
    pg (1.5.5)

PLATFORMS
  ruby
  x86_64-linux

DEPENDENCIES
  byebug
  connection_pool
  pg

BUNDLED WITH
   2.5.3
